GEM
  remote: http://rubygems.org/
  specs:
    activesupport (3.2.2)
      i18n (~> 0.6)
      multi_json (~> 1.0)
    addressable (2.2.7)
    bson (1.6.1)
    bson_ext (1.6.1)
      bson (~> 1.6.1)
    faraday (0.7.6)
      addressable (~> 2.2)
      multipart-post (~> 1.1)
      rack (~> 1.1)
    highline (1.6.11)
    hirb (0.6.2)
    i18n (0.6.0)
    json (1.6.6)
    mongo (1.6.1)
      bson (~> 1.6.1)
    mongohq (0.5.7)
      faraday
      highline
      hirb
      json
      thor
    multi_json (1.2.0)
    multipart-post (1.1.5)
    rack (1.4.1)
    simple_oauth (0.1.5)
    thor (0.14.6)
    twitter (2.2.0)
      activesupport (>= 2.3.9, < 4)
      faraday (~> 0.7)
      multi_json (~> 1.0)
      simple_oauth (~> 0.1)

PLATFORMS
  ruby

DEPENDENCIES
  bson_ext
  json
  mongo
  mongohq (~> 0.5.0)
  twitter
